PATH
  remote: .
  specs:
    c2h (0.1.0)
      choice (= 0.2.0)
      contentful (= 0.8.0)

GEM
  remote: https://rubygems.org/
  specs:
    addressable (2.4.0)
    choice (0.2.0)
    contentful (0.8.0)
      http (~> 0.8)
      multi_json (~> 1)
    domain_name (0.5.20160826)
      unf (>= 0.0.5, < 1.0.0)
    http (0.9.9)
      addressable (~> 2.3)
      http-cookie (~> 1.0)
      http-form_data (~> 1.0.1)
      http_parser.rb (~> 0.6.0)
    http-cookie (1.0.2)
      domain_name (~> 0.5)
    http-form_data (1.0.1)
    http_parser.rb (0.6.0)
    minitest (5.9.0)
    multi_json (1.12.1)
    rake (11.2.2)
    unf (0.1.4)
      unf_ext
    unf_ext (0.0.7.2)

PLATFORMS
  ruby

DEPENDENCIES
  bundler (~> 1.12.0)
  c2h!
  minitest (~> 5.9.0)
  rake (>= 10.0)

BUNDLED WITH
   1.12.4
